PATH
  remote: .
  specs:
    smpair (0.0.1)

GEM
  remote: http://rubygems.org/
  specs:
    diff-lcs (1.1.3)
    mustache (0.99.4)
    rake (0.9.2.2)
    redcarpet (2.0.1)
    rocco (0.8.2)
      mustache
      redcarpet
    rspec (2.7.0)
      rspec-core (~> 2.7.0)
      rspec-expectations (~> 2.7.0)
      rspec-mocks (~> 2.7.0)
    rspec-core (2.7.1)
    rspec-expectations (2.7.0)
      diff-lcs (~> 1.1.2)
    rspec-mocks (2.7.0)

PLATFORMS
  ruby

DEPENDENCIES
  rake
  rocco
  rspec
  smpair!
